PATH
  remote: .
  specs:
    actic (0.0.2)
      ri_cal (>= 0.8.7)

GEM
  remote: http://rubygems.org/
  specs:
    ri_cal (0.8.7)

PLATFORMS
  ruby

DEPENDENCIES
  actic!
  ri_cal (>= 0.8.7)
